GIT
  remote: git://github.com/Nuttapon/apn_on_rails.git
  revision: 68a230c6243b388037732afad520e44cb37985b7
  branch: change_module_name_no_test
  specs:
    apn_on_rails (0.5.1)
      actionpack
      activerecord
      configatron

GIT
  remote: git://github.com/bwillis/versioncake.git
  revision: 449a34e2d192794a5eda4db27a39865c055f1d24
  specs:
    versioncake (2.5.0)
      actionpack (>= 3.2)
      activesupport (>= 3.2)
      railties (>= 3.2)
      tzinfo

GIT
  remote: git://github.com/konjoot/rails_admin_flatly_theme.git
  revision: 0f70933dbc603d2f2f3b8ccb14e2f933aad95af6
  specs:
    rails_admin_flatly_theme (1.1.0)
      rails (> 3.1.3)

GIT
  remote: git://github.com/mongoid/mongoid.git
  revision: 1fcb8721b0222ad4de7677f69fbf543a3f75b5f4
  specs:
    mongoid (4.0.0.rc2)
      activemodel (~> 4.0)
      moped (~> 2.0.0.rc2)
      origin (~> 2.1)
      tzinfo (>= 0.3.37)

GIT
  remote: git://github.com/nov/itunes-receipt.git
  revision: a480f35b1cfc6adf8bc806288d0fb079f49c3f5e
  specs:
    itunes-receipt (1.0.0)
      activesupport (>= 2.3)
      i18n
      json (>= 1.4.3)
      restclient_with_cert

GIT
  remote: git://github.com/rails/jbuilder.git
  revision: ca1a95b90d33961de037f0c4d48b4f7b9ae8cc8f
  specs:
    jbuilder (2.1.1)
      activesupport (>= 3.0.0, < 5)
      multi_json (~> 1.2)

GEM
  remote: https://rubygems.org/
  specs:
    actionmailer (4.0.0)
      actionpack (= 4.0.0)
      mail (~> 2.5.3)
    actionpack (4.0.0)
      activesupport (= 4.0.0)
      builder (~> 3.1.0)
      erubis (~> 2.7.0)
      rack (~> 1.5.2)
      rack-test (~> 0.6.2)
    active_model_serializers (0.8.1)
      activemodel (>= 3.0)
    activemodel (4.0.0)
      activesupport (= 4.0.0)
      builder (~> 3.1.0)
    activerecord (4.0.0)
      activemodel (= 4.0.0)
      activerecord-deprecated_finders (~> 1.0.2)
      activesupport (= 4.0.0)
      arel (~> 4.0.0)
    activerecord-deprecated_finders (1.0.3)
    activesupport (4.0.0)
      i18n (~> 0.6, >= 0.6.4)
      minitest (~> 4.2)
      multi_json (~> 1.3)
      thread_safe (~> 0.1)
      tzinfo (~> 0.3.37)
    amoeba (2.0.0)
      activerecord (>= 3.0)
    arel (4.0.2)
    aws_cf_signer (0.1.3)
    bcrypt (3.1.7)
    bert (1.1.6)
    breadcrumbs_on_rails (2.3.0)
    bson (2.3.0)
    bson_ext (1.5.1)
    builder (3.1.4)
    carrierwave (0.10.0)
      activemodel (>= 3.2.0)
      activesupport (>= 3.2.0)
      json (>= 1.7)
      mime-types (>= 1.16)
    celluloid (0.15.2)
      timers (~> 1.1.0)
    chartkick (1.2.5)
    chunky_png (1.3.1)
    cloudinary (1.0.72)
      aws_cf_signer
      rest-client
    coffee-rails (4.0.1)
      coffee-script (>= 2.2.0)
      railties (>= 4.0.0, < 5.0)
    coffee-script (2.2.0)
      coffee-script-source
      execjs
    coffee-script-source (1.7.0)
    commander (4.2.0)
      highline (~> 1.6.11)
    commonjs (0.2.7)
    compass (0.12.7)
      chunky_png (~> 1.2)
      fssm (>= 0.2.7)
      sass (~> 3.2.19)
    compass-rails (2.0.0)
      compass (>= 0.12.2)
    configatron (3.2.0)
    connection_pool (2.0.0)
    dalli (2.7.2)
    decent_exposure (2.3.2)
    devise (3.2.4)
      bcrypt (~> 3.0)
      orm_adapter (~> 0.1)
      railties (>= 3.2.6, < 5)
      thread_safe (~> 0.1)
      warden (~> 1.2.3)
    enumerize (0.8.0)
      activesupport (>= 3.2)
    erubis (2.7.0)
    eventmachine (1.0.3)
    execjs (2.2.0)
    faker (1.3.0)
      i18n (~> 0.5)
    figaro (0.7.0)
      bundler (~> 1.0)
      rails (>= 3, < 5)
    font-awesome-rails (4.1.0.0)
      railties (>= 3.2, < 5.0)
    fssm (0.2.10)
    gretel (3.0.7)
      rails (>= 3.2.0)
    haml (4.0.5)
      tilt
    highline (1.6.21)
    hike (1.2.3)
    houston (2.1.0)
      commander (~> 4.1)
      json
    htmlentities (4.3.2)
    i18n (0.6.11)
    jbuilder_cache_multi (0.0.2)
      jbuilder (>= 1.5.0, < 3)
    jquery-rails (3.1.0)
      railties (>= 3.0, < 5.0)
      thor (>= 0.14, < 2.0)
    jquery-ui-rails (4.2.1)
      railties (>= 3.2.16)
    json (1.8.1)
    kaminari (0.16.1)
      actionpack (>= 3.0.0)
      activesupport (>= 3.0.0)
    kgio (2.9.2)
    less (2.5.1)
      commonjs (~> 0.2.7)
    less-rails (2.5.0)
      actionpack (>= 3.1)
      less (~> 2.5.0)
    libv8 (3.11.8.17)
    mail (2.5.4)
      mime-types (~> 1.16)
      treetop (~> 1.4.8)
    memcachier (0.0.2)
    method_source (0.8.2)
    mime-types (1.25.1)
    mini_magick (3.7.0)
      subexec (~> 0.2.1)
    mini_portile (0.6.0)
    minitest (4.7.5)
    mongoid_auto_increment_id (0.6.3)
      mongoid (>= 3.1.0, < 4.1.0)
    moped (2.0.0.rc2)
      bson (~> 2.2)
      connection_pool (~> 2.0)
      optionable (~> 0.2.0)
    multi_json (1.10.1)
    nested_form (0.3.2)
    newrelic_rpm (3.8.1.221)
    nokogiri (1.6.2.1)
      mini_portile (= 0.6.0)
    nprogress-rails (0.1.3.0)
    optionable (0.2.0)
    origin (2.1.1)
    orm_adapter (0.5.0)
    paper_trail (3.0.2)
      activerecord (>= 3.0, < 5.0)
      activesupport (>= 3.0, < 5.0)
    pg (0.17.0)
    pg_search (0.7.4)
      activerecord (>= 3.1)
      activesupport (>= 3.1)
      arel
    polyglot (0.3.5)
    proxylocal (0.3.1)
      bert (>= 1.1.2)
      eventmachine (>= 0.12.10)
    quiet_assets (1.0.2)
      railties (>= 3.1, < 5.0)
    rack (1.5.2)
    rack-pjax (0.7.0)
      nokogiri (~> 1.5)
      rack (~> 1.3)
    rack-protection (1.5.3)
      rack
    rack-test (0.6.2)
      rack (>= 1.0)
    rails (4.0.0)
      actionmailer (= 4.0.0)
      actionpack (= 4.0.0)
      activerecord (= 4.0.0)
      activesupport (= 4.0.0)
      bundler (>= 1.3.0, < 2.0)
      railties (= 4.0.0)
      sprockets-rails (~> 2.0.0)
    rails_12factor (0.0.2)
      rails_serve_static_assets
      rails_stdout_logging
    rails_admin (0.6.2)
      builder (~> 3.1)
      coffee-rails (~> 4.0)
      font-awesome-rails (>= 3.0)
      haml (~> 4.0)
      jquery-rails (~> 3.0)
      jquery-ui-rails (~> 4.0)
      kaminari (~> 0.14)
      nested_form (~> 0.3)
      rack-pjax (~> 0.7)
      rails (~> 4.0)
      remotipart (~> 1.0)
      safe_yaml (~> 1.0)
      sass-rails (~> 4.0)
    rails_serve_static_assets (0.0.2)
    rails_stdout_logging (0.0.3)
    railties (4.0.0)
      actionpack (= 4.0.0)
      activesupport (= 4.0.0)
      rake (>= 0.8.7)
      thor (>= 0.18.1, < 2.0)
    raindrops (0.13.0)
    rake (10.3.2)
    randumb (0.5.0)
      activerecord (>= 3.0.0)
      activesupport (>= 3.0.0)
      rake
    rdoc (4.1.1)
      json (~> 1.4)
    redis (3.0.7)
    redis-namespace (1.4.1)
      redis (~> 3.0.4)
    ref (1.0.5)
    remotipart (1.2.1)
    rest-client (1.6.7)
      mime-types (>= 1.16)
    restclient_with_cert (0.0.8)
      rest-client (>= 1.6)
    rqrcode (0.4.2)
    rqrcode-rails3 (0.1.7)
      rqrcode (>= 0.4.2)
    safe_yaml (1.0.3)
    sass (3.2.19)
    sass-rails (4.0.2)
      railties (>= 4.0.0, < 5.0)
      sass (~> 3.2.0)
      sprockets (~> 2.8, <= 2.11.0)
      sprockets-rails (~> 2.0.0)
    sdoc (0.4.0)
      json (~> 1.8)
      rdoc (~> 4.0, < 5.0)
    sidekiq (3.1.4)
      celluloid (>= 0.15.2)
      connection_pool (>= 2.0.0)
      json
      redis (>= 3.0.6)
      redis-namespace (>= 1.3.1)
    simple_form (3.0.2)
      actionpack (~> 4.0)
      activemodel (~> 4.0)
    sinatra (1.4.5)
      rack (~> 1.4)
      rack-protection (~> 1.4)
      tilt (~> 1.3, >= 1.3.4)
    sprockets (2.11.0)
      hike (~> 1.2)
      multi_json (~> 1.0)
      rack (~> 1.0)
      tilt (~> 1.1, != 1.3.0)
    sprockets-rails (2.0.1)
      actionpack (>= 3.0)
      activesupport (>= 3.0)
      sprockets (~> 2.8)
    subexec (0.2.3)
    therubyracer (0.11.4)
      libv8 (~> 3.11.8.12)
      ref
    thor (0.19.1)
    thread_safe (0.3.4)
    tilt (1.4.1)
    timers (1.1.0)
    treetop (1.4.15)
      polyglot
      polyglot (>= 0.3.1)
    turbolinks (2.2.2)
      coffee-rails
    tzinfo (0.3.40)
    uglifier (2.5.1)
      execjs (>= 0.3.0)
      json (>= 1.8.0)
    unicorn (4.8.3)
      kgio (~> 2.6)
      rack
      raindrops (~> 0.7)
    warden (1.2.3)
      rack (>= 1.0)
    will_paginate (3.0.5)
    will_paginate-foundation (5.3.3)
      will_paginate (>= 3.0.3)
    will_paginate_mongoid (2.0.1)
      mongoid
      will_paginate (~> 3.0)
    yajl-ruby (1.2.1)
    zeus (0.15.1)
      method_source (>= 0.6.7)

PLATFORMS
  ruby

DEPENDENCIES
  active_model_serializers
  amoeba
  apn_on_rails!
  breadcrumbs_on_rails
  bson (~> 2.2)
  bson_ext
  carrierwave
  chartkick
  cloudinary
  coffee-rails (~> 4.0.0)
  compass-rails
  configatron (= 3.2.0)
  dalli
  decent_exposure
  devise
  enumerize
  faker
  figaro
  gretel
  houston
  htmlentities
  itunes-receipt!
  jbuilder!
  jbuilder_cache_multi (~> 0.0.2)
  jquery-rails
  less-rails
  libv8 (~> 3.11.8.3)
  memcachier
  mini_magick
  mongoid!
  mongoid_auto_increment_id (= 0.6.3)
  nested_form
  newrelic_rpm
  nprogress-rails
  paper_trail (~> 3.0.0)
  pg (= 0.17.0)
  pg_search
  proxylocal
  quiet_assets
  rails (= 4.0.0)
  rails_12factor
  rails_admin
  rails_admin_flatly_theme!
  randumb
  rest-client
  rqrcode
  rqrcode-rails3
  sass (~> 3.2.5)
  sass-rails (= 4.0.2)
  sdoc
  sidekiq
  simple_form
  sinatra (>= 1.3.0)
  therubyracer
  turbolinks
  uglifier (>= 1.3.0)
  unicorn
  versioncake!
  will_paginate-foundation
  will_paginate_mongoid
  yajl-ruby
  zeus
